GIT
  remote: https://github.com/jekyll/jekyll-sitemap.git
  revision: d8b093a54bbe900e8aec4916ff7d7aa1df8ee186
  specs:
    jekyll-sitemap (1.1.1)
      jekyll (~> 3.1.6)

GEM
  remote: http://rubygems.org/
  specs:
    addressable (2.5.1)
      public_suffix (~> 2.0, >= 2.0.2)
    amp-jekyll (1.0.1)
      fastimage (>= 1.8.0)
      jekyll (~> 3.0)
      nokogiri (>= 1.6.0)
    colorator (1.1.0)
    fastimage (2.1.0)
    ffi (1.9.18)
    forwardable-extended (2.6.0)
    jekyll (3.1.6)
      addressable (~> 2.4)
      colorator (~> 1.0)
      jekyll-sass-converter (~> 1.0)
      jekyll-watch (~> 1.1)
      kramdown (~> 1.3)
      liquid (~> 3.0)
      mercenary (~> 0.3.3)
      pathutil (~> 0.9)
      rouge (~> 1.7)
      safe_yaml (~> 1.0)
    jekyll-paginate (1.1.0)
    jekyll-sass-converter (1.5.0)
      sass (~> 3.4)
    jekyll-seo-tag (2.0.0)
      jekyll (~> 3.1)
    jekyll-watch (1.5.0)
      listen (~> 3.0, < 3.1)
    kramdown (1.13.2)
    liquid (3.0.6)
    listen (3.0.8)
      rb-fsevent (~> 0.9, >= 0.9.4)
      rb-inotify (~> 0.9, >= 0.9.7)
    mercenary (0.3.6)
    mini_portile2 (2.1.0)
    multi_json (1.12.1)
    nokogiri (1.7.1)
      mini_portile2 (~> 2.1.0)
    pathutil (0.14.0)
      forwardable-extended (~> 2.6)
    public_suffix (2.0.5)
    pygments.rb (1.1.2)
      multi_json (>= 1.0.0)
    rb-fsevent (0.9.8)
    rb-inotify (0.9.8)
      ffi (>= 0.5.0)
    redcarpet (3.4.0)
    rouge (1.11.1)
    safe_yaml (1.0.4)
    sass (3.4.23)

PLATFORMS
  ruby

DEPENDENCIES
  amp-jekyll
  fastimage
  jekyll-paginate
  jekyll-seo-tag
  jekyll-sitemap!
  nokogiri
  pygments.rb
  redcarpet

BUNDLED WITH
   1.13.6
